GEM
  remote: https://rubygems.org/
  specs:
    appium_lib (0.24.1)
      awesome_print (~> 1.2, >= 1.2.0)
      json (~> 1.8, >= 1.8.1)
      posix-spawn (~> 0.3, >= 0.3.8)
      selenium-webdriver (~> 2.39, >= 2.39.0)
      toml (~> 0.0, >= 0.0.4)
    awesome_print (1.2.0)
    blankslate (2.1.2.4)
    childprocess (0.5.3)
      ffi (~> 1.0, >= 1.0.11)
    colorize (0.6.0)
    ffi (1.9.3)
    json (1.8.1)
    multi_json (1.10.1)
    parslet (1.5.0)
      blankslate (~> 2.0)
    posix-spawn (0.3.8)
    rubyzip (1.1.4)
    selenium-webdriver (2.40.0)
      childprocess (>= 0.5.0)
      multi_json (~> 1.0)
      rubyzip (~> 1.0)
      websocket (~> 1.0.4)
    toml (0.1.1)
      parslet (~> 1.5.0)
    websocket (1.0.7)

PLATFORMS
  ruby

DEPENDENCIES
  appium_lib
  awesome_print (~> 1.2.0)
  colorize (~> 0.6.0)
  selenium-webdriver (~> 2.40.0)
